GEM
  remote: https://rubygems.org/
  specs:
    byebug (9.1.0)
    childprocess (3.0.0)
    power_assert (1.1.5)
    rubyzip (2.0.0)
    selenium-webdriver (3.142.6)
      childprocess (>= 0.5, < 4.0)
      rubyzip (>= 1.2.2)
    test-unit (3.3.4)
      power_assert

PLATFORMS
  ruby

DEPENDENCIES
  byebug (~> 9.1.0)
  selenium-webdriver (~> 3.142.0)
  test-unit (~> 3.3.0)

BUNDLED WITH
   2.0.2
